GEM
  remote: http://rubygems.org/
  specs:
    actionmailer (2.3.17)
      actionpack (= 2.3.17)
    actionpack (2.3.17)
      activesupport (= 2.3.17)
      rack (~> 1.1.0)
    activerecord (2.3.17)
      activesupport (= 2.3.17)
    activeresource (2.3.17)
      activesupport (= 2.3.17)
    activesupport (2.3.17)
    coderay (0.9.8)
    i18n (0.4.2)
    json (1.7.6)
    mysql (2.9.0)
    rack (1.1.6)
    rails (2.3.17)
      actionmailer (= 2.3.17)
      actionpack (= 2.3.17)
      activerecord (= 2.3.17)
      activeresource (= 2.3.17)
      activesupport (= 2.3.17)
      rake (>= 0.8.3)
    rake (10.0.3)
    rdoc (3.12)
      json (~> 1.4)
    shared-mime-info (0.1)
    unicode (0.4.3.1)

PLATFORMS
  ruby

DEPENDENCIES
  coderay (~> 0.9.7)
  i18n (= 0.4.2)
  mysql
  rails (= 2.3.17)
  rdoc
  shared-mime-info
  unicode
